PATH
  remote: .
  specs:
    persistize (0.2.0)
      activerecord (>= 3.1.0)

GEM
  remote: https://rubygems.org/
  specs:
    activemodel (3.2.11)
      activesupport (= 3.2.11)
      builder (~> 3.0.0)
    activerecord (3.2.11)
      activemodel (= 3.2.11)
      activesupport (= 3.2.11)
      arel (~> 3.0.2)
      tzinfo (~> 0.3.29)
    activesupport (3.2.11)
      i18n (~> 0.6)
      multi_json (~> 1.0)
    arel (3.0.2)
    builder (3.0.4)
    i18n (0.6.1)
    json (1.7.6)
    multi_json (1.5.0)
    rake (10.1.1)
    rdoc (3.12)
      json (~> 1.4)
    shoulda (2.11.3)
    sqlite3 (1.3.6)
    tzinfo (0.3.35)

PLATFORMS
  ruby

DEPENDENCIES
  persistize!
  rake
  rdoc
  shoulda
  sqlite3
