PATH
  remote: .
  specs:
    persistize (0.1.3)
      activerecord

GEM
  remote: http://rubygems.org/
  specs:
    activemodel (3.0.7)
      activesupport (= 3.0.7)
      builder (~> 2.1.2)
      i18n (~> 0.5.0)
    activerecord (3.0.7)
      activemodel (= 3.0.7)
      activesupport (= 3.0.7)
      arel (~> 2.0.2)
      tzinfo (~> 0.3.23)
    activesupport (3.0.7)
    arel (2.0.9)
    builder (2.1.2)
    columnize (0.3.2)
    i18n (0.5.0)
    linecache (0.43)
    rake (0.8.7)
    ruby-debug (0.10.4)
      columnize (>= 0.1)
      ruby-debug-base (~> 0.10.4.0)
    ruby-debug-base (0.10.4)
      linecache (>= 0.3)
    shoulda (2.11.3)
    sqlite3 (1.3.3)
    tzinfo (0.3.26)

PLATFORMS
  ruby

DEPENDENCIES
  persistize!
  rake
  ruby-debug
  shoulda
  sqlite3
